GEM
  remote: https://rubygems.org/
  specs:
    builder (3.2.2)
    cucumber (1.3.19)
      builder (>= 2.1.2)
      diff-lcs (>= 1.1.3)
      gherkin (~> 2.12)
      multi_json (>= 1.7.5, < 2.0)
      multi_test (>= 0.1.2)
    cucumber-sinatra (0.5.0)
      templater (>= 1.0.0)
    diff-lcs (1.2.5)
    extlib (0.9.16)
    gherkin (2.12.2)
      multi_json (~> 1.3)
    highline (1.6.21)
    multi_json (1.10.1)
    multi_test (0.1.2)
    rack (1.6.0)
    rack-protection (1.5.3)
      rack
    rspec (3.2.0)
      rspec-core (~> 3.2.0)
      rspec-expectations (~> 3.2.0)
      rspec-mocks (~> 3.2.0)
    rspec-core (3.2.0)
      rspec-support (~> 3.2.0)
    rspec-expectations (3.2.0)
      diff-lcs (>= 1.2.0, < 2.0)
      rspec-support (~> 3.2.0)
    rspec-mocks (3.2.0)
      diff-lcs (>= 1.2.0, < 2.0)
      rspec-support (~> 3.2.0)
    rspec-support (3.2.1)
    shotgun (0.9)
      rack (>= 1.0)
    sinatra (1.4.5)
      rack (~> 1.4)
      rack-protection (~> 1.4)
      tilt (~> 1.3, >= 1.3.4)
    templater (1.0.0)
      diff-lcs (>= 1.1.2)
      extlib (>= 0.9.5)
      highline (>= 1.4.0)
    tilt (1.4.1)

PLATFORMS
  ruby

DEPENDENCIES
  cucumber
  cucumber-sinatra
  rack
  rspec
  shotgun
  sinatra
